PATH
  remote: .
  specs:
    dcob (1.0.0)
      octokit (~> 4.3)
      prometheus-client (~> 0.6)
      sinatra (~> 1.4)
      toml-rb (~> 0.3)

GEM
  remote: https://rubygems.org/
  specs:
    addressable (2.4.0)
    ast (2.3.0)
    chefstyle (0.4.0)
      rubocop (= 0.42.0)
    citrus (3.0.2)
    coderay (1.1.2)
    crack (0.4.3)
      safe_yaml (~> 1.0.0)
    diff-lcs (1.2.5)
    faraday (0.12.1)
      multipart-post (>= 1.2, < 3)
    ffi (1.12.2)
    formatador (0.2.5)
    guard (2.16.2)
      formatador (>= 0.2.4)
      listen (>= 2.7, < 4.0)
      lumberjack (>= 1.0.12, < 2.0)
      nenv (~> 0.1)
      notiffany (~> 0.0)
      pry (>= 0.9.12)
      shellany (~> 0.0)
      thor (>= 0.18.1)
    guard-compat (1.2.1)
    guard-rspec (4.7.3)
      guard (~> 2.1)
      guard-compat (~> 1.1)
      rspec (>= 2.99.0, < 4.0)
    hashdiff (0.3.0)
    listen (3.2.1)
      rb-fsevent (~> 0.10, >= 0.10.3)
      rb-inotify (~> 0.9, >= 0.9.10)
    lumberjack (1.2.4)
    method_source (1.0.0)
    multipart-post (2.0.0)
    nenv (0.3.0)
    nio4r (2.5.2)
    notiffany (0.1.3)
      nenv (~> 0.1)
      shellany (~> 0.0)
    octokit (4.7.0)
      sawyer (~> 0.8.0, >= 0.5.3)
    parser (2.3.1.4)
      ast (~> 2.2)
    powerpack (0.1.1)
    prometheus-client (0.7.0)
      quantile (~> 0.2.0)
    pry (0.13.0)
      coderay (~> 1.1)
      method_source (~> 1.0)
    puma (4.3.3)
      nio4r (~> 2.0)
    quantile (0.2.0)
    rack (1.6.5)
    rack-protection (1.5.3)
      rack
    rack-test (0.6.3)
      rack (>= 1.0)
    rainbow (2.1.0)
    rake (13.0.1)
    rb-fsevent (0.10.3)
    rb-inotify (0.10.1)
      ffi (~> 1.0)
    rb-readline (0.5.3)
    rspec (3.4.0)
      rspec-core (~> 3.4.0)
      rspec-expectations (~> 3.4.0)
      rspec-mocks (~> 3.4.0)
    rspec-core (3.4.4)
      rspec-support (~> 3.4.0)
    rspec-expectations (3.4.0)
      diff-lcs (>= 1.2.0, < 2.0)
      rspec-support (~> 3.4.0)
    rspec-mocks (3.4.1)
      diff-lcs (>= 1.2.0, < 2.0)
      rspec-support (~> 3.4.0)
    rspec-support (3.4.1)
    rubocop (0.42.0)
      parser (>= 2.3.1.1, < 3.0)
      powerpack (~> 0.1)
      rainbow (>= 1.99.1, < 3.0)
      ruby-progressbar (~> 1.7)
      unicode-display_width (~> 1.0, >= 1.0.1)
    ruby-progressbar (1.8.1)
    safe_yaml (1.0.4)
    sawyer (0.8.1)
      addressable (>= 2.3.5, < 2.6)
      faraday (~> 0.8, < 1.0)
    shellany (0.0.1)
    sinatra (1.4.8)
      rack (~> 1.5)
      rack-protection (~> 1.4)
      tilt (>= 1.3, < 3)
    thor (1.0.1)
    tilt (2.0.7)
    toml-rb (0.3.15)
      citrus (~> 3.0, > 3.0)
    unicode-display_width (1.1.1)
    webmock (2.1.0)
      addressable (>= 2.3.6)
      crack (>= 0.3.2)
      hashdiff

PLATFORMS
  ruby

DEPENDENCIES
  bundler
  chefstyle (~> 0.4)
  dcob!
  guard
  guard-rspec
  puma
  rack-test (~> 0.6)
  rake (>= 12.0)
  rb-readline
  rspec (~> 3.4)
  webmock (~> 2.1)

BUNDLED WITH
   1.13.7
